GEM
  remote: https://rubygems.org/
  specs:
    singlogger (0.0.1)

PLATFORMS
  ruby

DEPENDENCIES
  singlogger

BUNDLED WITH
   2.1.4
